GEM
  remote: https://rubygems.org/
  specs:
    actioncable (7.1.3.1)
      actionpack (= 7.1.3.1)
      activesupport (= 7.1.3.1)
      nio4r (~> 2.0)
      websocket-driver (>= 0.6.1)
      zeitwerk (~> 2.6)
    actionmailbox (7.1.3.1)
      actionpack (= 7.1.3.1)
      activejob (= 7.1.3.1)
      activerecord (= 7.1.3.1)
      activestorage (= 7.1.3.1)
      activesupport (= 7.1.3.1)
      mail (>= 2.7.1)
      net-imap
      net-pop
      net-smtp
    actionmailer (7.1.3.1)
      actionpack (= 7.1.3.1)
      actionview (= 7.1.3.1)
      activejob (= 7.1.3.1)
      activesupport (= 7.1.3.1)
      mail (~> 2.5, >= 2.5.4)
      net-imap
      net-pop
      net-smtp
      rails-dom-testing (~> 2.2)
    actionpack (7.1.3.1)
      actionview (= 7.1.3.1)
      activesupport (= 7.1.3.1)
      nokogiri (>= 1.8.5)
      racc
      rack (>= 2.2.4)
      rack-session (>= 1.0.1)
      rack-test (>= 0.6.3)
      rails-dom-testing (~> 2.2)
      rails-html-sanitizer (~> 1.6)
    actiontext (7.1.3.1)
      actionpack (= 7.1.3.1)
      activerecord (= 7.1.3.1)
      activestorage (= 7.1.3.1)
      activesupport (= 7.1.3.1)
      globalid (>= 0.6.0)
      nokogiri (>= 1.8.5)
    actionview (7.1.3.1)
      activesupport (= 7.1.3.1)
      builder (~> 3.1)
      erubi (~> 1.11)
      rails-dom-testing (~> 2.2)
      rails-html-sanitizer (~> 1.6)
    activejob (7.1.3.1)
      activesupport (= 7.1.3.1)
      globalid (>= 0.3.6)
    activemodel (7.1.3.1)
      activesupport (= 7.1.3.1)
    activerecord (7.1.3.1)
      activemodel (= 7.1.3.1)
      activesupport (= 7.1.3.1)
      timeout (>= 0.4.0)
    activestorage (7.1.3.1)
      actionpack (= 7.1.3.1)
      activejob (= 7.1.3.1)
      activerecord (= 7.1.3.1)
      activesupport (= 7.1.3.1)
      marcel (~> 1.0)
    activesupport (7.1.3.1)
      base64
      bigdecimal
      concurrent-ruby (~> 1.0, >= 1.0.2)
      connection_pool (>= 2.2.5)
      drb
      i18n (>= 1.6, < 2)
      minitest (>= 5.1)
      mutex_m
      tzinfo (~> 2.0)
    addressable (2.8.5)
      public_suffix (>= 2.0.2, < 6.0)
    base64 (0.2.0)
    bigdecimal (3.1.6)
    builder (3.2.4)
    byebug (11.1.3)
    chronic (0.10.2)
    coderay (1.1.3)
    concurrent-ruby (1.2.3)
    connection_pool (2.4.1)
    crass (1.0.6)
    date (3.3.4)
    drb (2.2.0)
      ruby2_keywords
    erubi (1.12.0)
    ffi (1.15.5)
    formatador (1.1.0)
    git (1.18.0)
      addressable (~> 2.8)
      rchardet (~> 1.8)
    globalid (1.2.1)
      activesupport (>= 6.1)
    guard (2.18.0)
      formatador (>= 0.2.4)
      listen (>= 2.7, < 4.0)
      lumberjack (>= 1.0.12, < 2.0)
      nenv (~> 0.1)
      notiffany (~> 0.0)
      pry (>= 0.13.0)
      shellany (~> 0.0)
      thor (>= 0.18.1)
    guard-compat (1.2.1)
    guard-minitest (2.4.6)
      guard-compat (~> 1.2)
      minitest (>= 3.0)
    i18n (1.14.1)
      concurrent-ruby (~> 1.0)
    io-console (0.7.2)
    irb (1.11.2)
      rdoc
      reline (>= 0.4.2)
    listen (3.0.8)
      rb-fsevent (~> 0.9, >= 0.9.4)
      rb-inotify (~> 0.9, >= 0.9.7)
    loofah (2.22.0)
      crass (~> 1.0.2)
      nokogiri (>= 1.12.0)
    lumberjack (1.2.9)
    mail (2.8.1)
      mini_mime (>= 0.1.1)
      net-imap
      net-pop
      net-smtp
    marcel (1.0.2)
    method_source (1.0.0)
    mini_mime (1.1.5)
    minitest (5.22.2)
    mutex_m (0.2.0)
    nenv (0.3.0)
    net-imap (0.4.7)
      date
      net-protocol
    net-pop (0.1.2)
      net-protocol
    net-protocol (0.2.2)
      timeout
    net-smtp (0.4.0)
      net-protocol
    nio4r (2.7.0)
    nokogiri (1.16.2-x86_64-darwin)
      racc (~> 1.4)
    nokogiri (1.16.2-x86_64-linux)
      racc (~> 1.4)
    notiffany (0.1.3)
      nenv (~> 0.1)
      shellany (~> 0.0)
    pry (0.14.2)
      coderay (~> 1.1)
      method_source (~> 1.0)
    psych (5.1.2)
      stringio
    public_suffix (5.0.3)
    puma (6.4.2)
      nio4r (~> 2.0)
    racc (1.7.3)
    rack (3.0.9.1)
    rack-session (2.0.0)
      rack (>= 3.0.0)
    rack-test (2.1.0)
      rack (>= 1.3)
    rackup (2.1.0)
      rack (>= 3)
      webrick (~> 1.8)
    rails (7.1.3.1)
      actioncable (= 7.1.3.1)
      actionmailbox (= 7.1.3.1)
      actionmailer (= 7.1.3.1)
      actionpack (= 7.1.3.1)
      actiontext (= 7.1.3.1)
      actionview (= 7.1.3.1)
      activejob (= 7.1.3.1)
      activemodel (= 7.1.3.1)
      activerecord (= 7.1.3.1)
      activestorage (= 7.1.3.1)
      activesupport (= 7.1.3.1)
      bundler (>= 1.15.0)
      railties (= 7.1.3.1)
    rails-dom-testing (2.2.0)
      activesupport (>= 5.0.0)
      minitest
      nokogiri (>= 1.6)
    rails-html-sanitizer (1.6.0)
      loofah (~> 2.21)
      nokogiri (~> 1.14)
    railties (7.1.3.1)
      actionpack (= 7.1.3.1)
      activesupport (= 7.1.3.1)
      irb
      rackup (>= 1.0.0)
      rake (>= 12.2)
      thor (~> 1.0, >= 1.2.2)
      zeitwerk (~> 2.6)
    rake (13.1.0)
    rb-fsevent (0.11.2)
    rb-inotify (0.10.1)
      ffi (~> 1.0)
    rchardet (1.8.0)
    rdoc (6.6.2)
      psych (>= 4.0.0)
    reline (0.4.3)
      io-console (~> 0.5)
    rexml (3.2.6)
    ruby2_keywords (0.0.5)
    shellany (0.0.1)
    spring (2.1.1)
    spring-watcher-listen (2.0.1)
      listen (>= 2.7, < 4.0)
      spring (>= 1.2, < 3.0)
    sqlite3 (1.6.3-x86_64-darwin)
    sqlite3 (1.6.3-x86_64-linux)
    stringio (3.1.0)
    thor (1.3.1)
    timecop (0.9.6)
    timeout (0.4.1)
    tzinfo (2.0.6)
      concurrent-ruby (~> 1.0)
    webrick (1.8.1)
    websocket-driver (0.7.6)
      websocket-extensions (>= 0.1.0)
    websocket-extensions (0.1.5)
    whenever (1.0.0)
      chronic (>= 0.6.3)
    zeitwerk (2.6.13)

PLATFORMS
  x86_64-darwin-22
  x86_64-linux

DEPENDENCIES
  byebug
  git
  guard
  guard-minitest
  listen (~> 3.0.5)
  net-imap
  net-pop
  net-smtp
  puma
  rails (~> 7.1)
  rexml
  spring
  spring-watcher-listen (~> 2.0.0)
  sqlite3
  timecop
  tzinfo-data
  whenever

BUNDLED WITH
   2.4.13
